PATH
  remote: .
  specs:
    colrou (0.2.3)

GEM
  remote: https://rubygems.org/
  specs:
    rake (13.0.1)

PLATFORMS
  ruby

DEPENDENCIES
  bundler (~> 2)
  colrou!
  rake (~> 13)

BUNDLED WITH
   2.1.4
