PATH
  remote: .
  specs:
    colrou (0.1.1)

GEM
  remote: https://rubygems.org/
  specs:
    rake (13.0.1)

PLATFORMS
  ruby

DEPENDENCIES
  bundler (~> 2.0)
  colrou!
  rake (~> 13.0)

BUNDLED WITH
   2.0.1
